PATH
  remote: .
  specs:
    documentation-zero (0.0.12)

GEM
  remote: https://rubygems.org/
  specs:
    rake (13.0.6)

PLATFORMS
  x86_64-darwin-21

DEPENDENCIES
  documentation-zero!
  rake (~> 13.0)

BUNDLED WITH
   2.3.9
